GEM
  remote: https://rubygems.org/
  specs:
    backports (3.11.3)
    daemons (1.2.6)
    domain_name (0.5.20180417)
      unf (>= 0.0.5, < 1.0.0)
    eventmachine (1.2.5)
    http-cookie (1.0.3)
      domain_name (~> 0.5)
    mime-types (3.1)
      mime-types-data (~> 3.2015)
    mime-types-data (3.2016.0521)
    multi_json (1.13.1)
    mustermann (1.0.2)
    netrc (0.11.0)
    rack (2.0.5)
    rack-protection (2.0.1)
      rack
    rest-client (2.0.2)
      http-cookie (>= 1.0.2, < 2.0)
      mime-types (>= 1.16, < 4.0)
      netrc (~> 0.8)
    sinatra (2.0.1)
      mustermann (~> 1.0)
      rack (~> 2.0)
      rack-protection (= 2.0.1)
      tilt (~> 2.0)
    sinatra-contrib (2.0.1)
      backports (>= 2.0)
      multi_json
      mustermann (~> 1.0)
      rack-protection (= 2.0.1)
      sinatra (= 2.0.1)
      tilt (>= 1.3, < 3)
    thin (1.7.2)
      daemons (~> 1.0, >= 1.0.9)
      eventmachine (~> 1.0, >= 1.0.4)
      rack (>= 1, < 3)
    tilt (2.0.8)
    unf (0.1.4)
      unf_ext
    unf_ext (0.0.7.5)

PLATFORMS
  ruby

DEPENDENCIES
  rest-client
  sinatra
  sinatra-contrib
  thin

BUNDLED WITH
   1.16.1
